GEM
  remote: https://rubygems.org/
  specs:
    byebug (10.0.2)
    exifr (1.3.5)
    mediainfo (1.1.2)
    slop (4.6.2)

PLATFORMS
  ruby

DEPENDENCIES
  byebug
  exifr
  mediainfo
  slop

BUNDLED WITH
   1.16.3
